PATH
  remote: .
  specs:
    pipelines-ruby (1.0.0)

GEM
  remote: https://rubygems.org/
  specs:
    diff-lcs (1.3)
    docile (1.3.2)
    json (2.2.0)
    rake (13.0.1)
    rspec (3.8.0)
      rspec-core (~> 3.8.0)
      rspec-expectations (~> 3.8.0)
      rspec-mocks (~> 3.8.0)
    rspec-core (3.8.0)
      rspec-support (~> 3.8.0)
    rspec-expectations (3.8.1)
      diff-lcs (>= 1.2.0, < 2.0)
      rspec-support (~> 3.8.0)
    rspec-mocks (3.8.0)
      diff-lcs (>= 1.2.0, < 2.0)
      rspec-support (~> 3.8.0)
    rspec-support (3.8.0)
    rspec_junit_formatter (0.4.1)
      rspec-core (>= 2, < 4, != 2.12.0)
    simplecov (0.17.1)
      docile (~> 1.1)
      json (>= 1.8, < 3)
      simplecov-html (~> 0.10.0)
    simplecov-cobertura (1.3.1)
      simplecov (~> 0.8)
    simplecov-html (0.10.2)

PLATFORMS
  ruby
  x64-mingw32

DEPENDENCIES
  bundler (~> 1.16)
  pipelines-ruby!
  rake (~> 13.0)
  rspec (~> 3.0)
  rspec_junit_formatter
  simplecov
  simplecov-cobertura

BUNDLED WITH
   1.17.2
